GEM
  remote: http://rubygems.org/
  specs:
    activesupport (3.0.3)
    addressable (2.2.2)
    columnize (0.3.2)
    eventmachine (0.12.10)
    fakeweb (1.3.0)
    faraday (0.5.4)
      addressable (~> 2.2.2)
      multipart-post (~> 1.1.0)
      rack (>= 1.1.0, < 2)
    i18n (0.5.0)
    linecache (0.43)
    mail (2.2.15)
      activesupport (>= 2.3.6)
      i18n (>= 0.4.0)
      mime-types (~> 1.16)
      treetop (~> 1.4.8)
    mime-types (1.16)
    minitest (2.0.2)
    multipart-post (1.1.0)
    net-ping (1.3.7)
    polyglot (0.3.1)
    rack (1.2.1)
    rake (0.8.7)
    roauth (0.0.3)
    ruby-debug (0.10.4)
      columnize (>= 0.1)
      ruby-debug-base (~> 0.10.4.0)
    ruby-debug-base (0.10.4)
      linecache (>= 0.3)
    tinder (1.4.3)
      activesupport
      eventmachine
      faraday (~> 0.5.1)
      mime-types
      multipart-post
      twitter-stream
    treetop (1.4.9)
      polyglot (>= 0.3.1)
    twitter-stream (0.1.10)
      eventmachine (>= 0.12.8)
      roauth (>= 0.0.2)

PLATFORMS
  ruby

DEPENDENCIES
  fakeweb
  mail
  minitest (~> 2.0.2)
  net-ping
  rake
  ruby-debug
  tinder
